GEM
  remote: https://rubygems.org/
  specs:
    curses (1.0.2)

PLATFORMS
  ruby

DEPENDENCIES
  curses

BUNDLED WITH
   1.13.2
